GEM
  remote: http://rubygems.org/
  specs:
    fssm (0.2.8.1)
    rake (0.9.2.2)

PLATFORMS
  ruby

DEPENDENCIES
  fssm
  rake
